GIT
  remote: https://github.com/livingsocial/rake-pipeline.git
  revision: 53dd95a52f93b30ba0bd2b780ff3b80e12b81d96
  specs:
    rake-pipeline (0.6.0)
      rake (~> 0.9.0)
      thor

GIT
  remote: https://github.com/wycats/rake-pipeline-web-filters.git
  revision: ba0b8a00356b4c854930a8e849b5629d51ffd70f
  specs:
    rake-pipeline-web-filters (0.6.0)
      rack
      rake-pipeline (~> 0.6)

GEM
  remote: http://rubygems.org/
  specs:
    chunky_png (1.2.5)
    compass (0.12.1)
      chunky_png (~> 1.2)
      fssm (>= 0.2.7)
      sass (~> 3.1)
    fssm (0.2.9)
    json (1.6.6)
    rack (1.4.1)
    rake (0.9.2.2)
    sass (3.1.15)
    thor (0.14.6)

PLATFORMS
  ruby

DEPENDENCIES
  compass
  json
  rack
  rake-pipeline!
  rake-pipeline-web-filters!
